PATH
  remote: .
  specs:
    campfire-bot (0.0.1)
      activesupport (~> 3.0.3)
      eventmachine (~> 0.12.10)
      hpricot (~> 0.8.3)
      i18n (~> 0.5.0)
      logging (~> 1.4.3)
      mime-types (~> 1.16)
      tinder (>= 1.4.3)
      twitter-stream (~> 0.1)

GEM
  remote: http://rubygems.org/
  specs:
    activesupport (3.0.10)
    addressable (2.2.6)
    eventmachine (0.12.10)
    faraday (0.7.4)
      addressable (~> 2.2.6)
      multipart-post (~> 1.1.0)
      rack (< 2, >= 1.1.0)
    faraday_middleware (0.7.0)
      faraday (~> 0.7.3)
    hashie (1.1.0)
    hpricot (0.8.4)
    http_parser.rb (0.5.3)
    i18n (0.5.0)
    little-plugger (1.1.2)
    logging (1.4.3)
      little-plugger (>= 1.1.2)
    mime-types (1.16)
    multi_json (1.0.3)
    multipart-post (1.1.3)
    rack (1.3.4)
    simple_oauth (0.1.5)
    tinder (1.7.0)
      activesupport (< 4, >= 2.3)
      eventmachine (~> 0.12)
      faraday (< 0.8, >= 0.6)
      faraday_middleware (< 0.8, >= 0.6)
      hashie (~> 1.0)
      mime-types (~> 1.16)
      multi_json (~> 1.0)
      multipart-post (~> 1.1)
      twitter-stream (~> 0.1)
    twitter-stream (0.1.14)
      eventmachine (>= 0.12.8)
      http_parser.rb (~> 0.5.1)
      simple_oauth (~> 0.1.4)

PLATFORMS
  ruby

DEPENDENCIES
  campfire-bot!
